GEM
  remote: https://rubygems.org/
  specs:
    dotenv (3.1.7)
    json (2.10.2)
    securerandom (0.4.1)

PLATFORMS
  x64-mingw-ucrt

DEPENDENCIES
  dotenv
  json
  securerandom

BUNDLED WITH
   2.6.6
